GEM
  remote: https://rubygems.org/
  specs:
    date (3.3.3)
    json (2.6.3)
    nokogiri (1.14.2-x64-mingw-ucrt)
      racc (~> 1.4)
    open-uri (0.3.0)
      stringio
      time
      uri
    racc (1.6.2)
    stringex (2.8.5)
    stringio (3.0.5)
    time (0.2.1)
      date
    uri (0.12.0)

PLATFORMS
  x64-mingw-ucrt

DEPENDENCIES
  json
  nokogiri
  open-uri
  stringex

BUNDLED WITH
   2.4.6
